NUGET
  remote: http://api.nuget.org/v3/index.json
    Newtonsoft.Json (9.0.1) - framework: >= net45
    Serilog (2.0) - framework: >= net45
    xunit (2.1) - framework: >= net452
      xunit.assert (2.1)
      xunit.core (2.1)
    xunit.abstractions (2.0) - framework: >= net452
    xunit.assert (2.1) - framework: >= net452
    xunit.core (2.1) - framework: >= net452
      xunit.extensibility.core (2.1) - framework: >= net45, dnx451, dnxcore50, monoandroid, monotouch, portable-net45+win80+wp80+wpa81, xamarinios, winv4.5, wpv8.0, wpav8.1
      xunit.extensibility.execution (2.1) - framework: >= net45, dnx451, dnxcore50, monoandroid, monotouch, portable-net45+win80+wp80+wpa81, xamarinios, winv4.5, wpv8.0, wpav8.1
    xunit.extensibility.core (2.1) - framework: >= net452
      xunit.abstractions (2.0)
    xunit.extensibility.execution (2.1) - framework: >= net452
      xunit.extensibility.core (2.1) - framework: >= net45, dnx451, dnxcore50, monoandroid, monotouch, xamarinios, winv4.5, wpv8.0, wpav8.1
    xunit.runner.console (2.1) - framework: >= net452
    xunit.runner.visualstudio (2.1) - framework: >= net452
